GEM
  remote: https://rubygems.org/
  specs:
    concurrent-ruby (1.0.4-java)
    connection_pool (2.2.1)
    rack (2.0.1)
    rack-protection (1.5.3)
      rack
    redis (3.3.3)
    sidekiq (4.2.9)
      concurrent-ruby (~> 1.0)
      connection_pool (~> 2.2, >= 2.2.0)
      rack-protection (>= 1.5.0)
      redis (~> 3.2, >= 3.2.1)
    telekinesis (3.2.0-java)

PLATFORMS
  java

DEPENDENCIES
  sidekiq (~> 4.2.9)
  telekinesis (~> 3.2.0)

RUBY VERSION
   ruby 2.3.1p0 (jruby 9.1.7.0)

BUNDLED WITH
   1.13.7
